GEM
  remote: https://rubygems.org/
  specs:
    clipboard (1.1.1)
    colorize (0.8.1)
    diff-lcs (1.3)
    inquirer (0.2.1)
      term-ansicolor (>= 1.2.2)
    rspec (3.7.0)
      rspec-core (~> 3.7.0)
      rspec-expectations (~> 3.7.0)
      rspec-mocks (~> 3.7.0)
    rspec-core (3.7.0)
      rspec-support (~> 3.7.0)
    rspec-expectations (3.7.0)
      diff-lcs (>= 1.2.0, < 2.0)
      rspec-support (~> 3.7.0)
    rspec-mocks (3.7.0)
      diff-lcs (>= 1.2.0, < 2.0)
      rspec-support (~> 3.7.0)
    rspec-support (3.7.0)
    term-ansicolor (1.6.0)
      tins (~> 1.0)
    tins (1.15.0)

PLATFORMS
  ruby

DEPENDENCIES
  clipboard (~> 1.1)
  colorize (~> 0.8.1)
  inquirer (~> 0.2.1)
  rspec (~> 3.7)

BUNDLED WITH
   1.15.4
